GEM
  remote: http://rubygems.org/
  specs:
    Text (1.1.2)
    actionmailer (2.3.9)
      actionpack (= 2.3.9)
    actionpack (2.3.9)
      activesupport (= 2.3.9)
      rack (~> 1.1.0)
    activerecord (2.3.9)
      activesupport (= 2.3.9)
    activeresource (2.3.9)
      activesupport (= 2.3.9)
    activesupport (2.3.9)
    attr_required (0.0.5)
    aws (2.10.2)
      http_connection
      uuidtools
      xml-simple
    aws-s3 (0.6.2)
      builder
      mime-types
      xml-simple
    aws-sdk (1.8.5)
      json (~> 1.4)
      nokogiri (>= 1.4.4)
      uuidtools (~> 2.1)
    builder (3.2.0)
    fb_graph (2.6.6)
      httpclient (>= 2.2.0.2)
      multi_json (>= 1.3)
      rack-oauth2 (>= 0.14.4)
      tzinfo
    geoip (1.0.0)
    geokit (1.5.0)
    hoe (3.5.2)
      rake (>= 0.8, < 11.0)
    hpricot (0.8.6)
    http_connection (1.4.4)
    httpclient (2.3.3)
    i18n (0.6.4)
    icalendar (1.0.2)
    json (1.5.1)
    mechanize (0.7.0)
      hoe (>= 1.4.0)
      hpricot (>= 0.5.0)
    mime-types (1.15)
    multi_json (1.7.2)
    mysql (2.8.1)
    nokogiri (1.5.9)
    open4 (0.9.3)
    proxies (0.2.1)
    rack (1.1.6)
    rack-oauth2 (1.0.3)
      activesupport (>= 2.3)
      attr_required (>= 0.0.5)
      httpclient (>= 2.2.0.2)
      i18n
      multi_json (>= 1.3.6)
      rack (>= 1.1)
    rails (2.3.9)
      actionmailer (= 2.3.9)
      actionpack (= 2.3.9)
      activerecord (= 2.3.9)
      activeresource (= 2.3.9)
      activesupport (= 2.3.9)
      rake (>= 0.8.3)
    rake (10.0.4)
    rmagick (2.13.1)
    tidy (1.1.2)
    tzinfo (0.3.37)
    uuidtools (2.1.3)
    xml-simple (1.0.11)

PLATFORMS
  ruby

DEPENDENCIES
  Text (= 1.1.2)
  attr_required (~> 0.0.5)
  aws
  aws-s3 (= 0.6.2)
  aws-sdk
  fb_graph
  geoip (= 1.0.0)
  geokit (= 1.5.0)
  hpricot (= 0.8.6)
  icalendar (= 1.0.2)
  json (= 1.5.1)
  mechanize (= 0.7.0)
  mime-types (= 1.15)
  mysql (= 2.8.1)
  open4 (= 0.9.3)
  proxies (= 0.2.1)
  rails (= 2.3.9)
  rmagick (= 2.13.1)
  tidy (= 1.1.2)
  xml-simple (= 1.0.11)
