GEM
  remote: http://rubygems.org/
  specs:
    Text (1.1.2)
    diff-lcs (1.1.3)
    geoip (1.0.0)
    geokit (1.5.0)
    hoe (2.13.1)
      rake (~> 0.8)
    hpricot (0.6)
    icalendar (1.0.2)
    json (1.5.1)
    mechanize (0.7.0)
      hoe (>= 1.4.0)
      hpricot (>= 0.5.0)
    mime-types (1.15)
    nokogiri (1.5.0)
    open4 (0.9.3)
    rack (1.4.1)
    rake (0.9.2.2)
    rspec (2.8.0)
      rspec-core (~> 2.8.0)
      rspec-expectations (~> 2.8.0)
      rspec-mocks (~> 2.8.0)
    rspec-core (2.8.0)
    rspec-expectations (2.8.0)
      diff-lcs (~> 1.1.2)
    rspec-mocks (2.8.0)
    tidy (1.1.2)
    xml-simple (1.0.11)

PLATFORMS
  ruby

DEPENDENCIES
  Text (= 1.1.2)
  geoip (= 1.0.0)
  geokit (= 1.5.0)
  hpricot (= 0.6)
  icalendar (= 1.0.2)
  json (= 1.5.1)
  mechanize (= 0.7.0)
  mime-types (= 1.15)
  nokogiri
  open4 (= 0.9.3)
  rack (~> 1.1)
  rspec
  tidy (= 1.1.2)
  xml-simple (= 1.0.11)
