GEM
  remote: http://rubygems.org/
  specs:
    Text (1.1.2)
    actionmailer (2.3.9)
      actionpack (= 2.3.9)
    actionpack (2.3.9)
      activesupport (= 2.3.9)
      rack (~> 1.1.0)
    activerecord (2.3.9)
      activesupport (= 2.3.9)
    activeresource (2.3.9)
      activesupport (= 2.3.9)
    activesupport (2.3.9)
    aws-s3 (0.6.2)
      builder
      mime-types
      xml-simple
    builder (3.0.0)
    geoip (1.0.0)
    geokit (1.5.0)
    hoe (2.15.0)
      rake (~> 0.8)
    hpricot (0.8.6)
    icalendar (1.0.2)
    json (1.5.1)
    mechanize (0.7.0)
      hoe (>= 1.4.0)
      hpricot (>= 0.5.0)
    mime-types (1.15)
    mysql (2.8.1)
    open4 (0.9.3)
    proxies (0.2.1)
    rack (1.1.3)
    rails (2.3.9)
      actionmailer (= 2.3.9)
      actionpack (= 2.3.9)
      activerecord (= 2.3.9)
      activeresource (= 2.3.9)
      activesupport (= 2.3.9)
      rake (>= 0.8.3)
    rake (0.9.2.2)
    tidy (1.1.2)
    xml-simple (1.0.11)

PLATFORMS
  ruby

DEPENDENCIES
  Text (= 1.1.2)
  aws-s3 (= 0.6.2)
  geoip (= 1.0.0)
  geokit (= 1.5.0)
  hpricot (= 0.8.6)
  icalendar (= 1.0.2)
  json (= 1.5.1)
  mechanize (= 0.7.0)
  mime-types (= 1.15)
  mysql (= 2.8.1)
  open4 (= 0.9.3)
  proxies (= 0.2.1)
  rails (= 2.3.9)
  tidy (= 1.1.2)
  xml-simple (= 1.0.11)
